GEM
  remote: https://rubygems.org/
  specs:
    mini_portile2 (2.8.7)
    nio4r (2.7.3)
    puma (6.4.2)
      nio4r (~> 2.0)
    rack (3.0.11)
    sqlite3 (2.0.2)
      mini_portile2 (~> 2.8.0)
    sqlite3 (2.0.2-x86_64-linux-gnu)
    yaml (0.3.0)

PLATFORMS
  ruby
  x86_64-linux

DEPENDENCIES
  puma
  rack (~> 3.0, >= 3.0.11)
  sqlite3
  yaml

BUNDLED WITH
   2.5.11
